GEM
  remote: https://rubygems.org/
  specs:
    breakpoint (2.0.7)
      compass (>= 0.12.1)
      sass (>= 3.2.0)
    chunky_png (1.3.0)
    compass (0.12.6)
      chunky_png (~> 1.2)
      fssm (>= 0.2.7)
      sass (~> 3.2.19)
    fssm (0.2.10)
    modular-scale (1.0.6)
      compass (>= 0.12.1)
      sass (>= 3.2.0)
      sassy-math (>= 1.5)
    sass (3.2.19)
    sassy-math (1.5)
      compass (~> 0.11)
    singularitygs (1.1.2)
      breakpoint (>= 2.0.1)
      compass (>= 0.12.2)
      sass (>= 3.2.1)

PLATFORMS
  ruby

DEPENDENCIES
  compass (~> 0.12.2)
  modular-scale (~> 1.0.0)
  sass (~> 3.2.12)
  singularitygs (~> 1.1.2)
